GEM
  remote: http://rubygems.org/
  specs:
    fluiddb (0.1.17)
    json (1.8.2)
    pg (0.18.1)
    rack (1.6.0)
    rack-protection (1.5.3)
      rack
    sinatra (1.4.5)
      rack (~> 1.4)
      rack-protection (~> 1.4)
      tilt (~> 1.3, >= 1.3.4)
    tilt (1.4.1)

PLATFORMS
  ruby

DEPENDENCIES
  fluiddb (~> 0.1)
  json (~> 1.8)
  pg (~> 0.18.1)
  rack (~> 1.6)
  sinatra (~> 1.4)
